GEM
  remote: http://rubygems.org/
  specs:
    abstract (1.0.0)
    actionmailer (3.0.15)
      actionpack (= 3.0.15)
      mail (~> 2.2.19)
    actionpack (3.0.15)
      activemodel (= 3.0.15)
      activesupport (= 3.0.15)
      builder (~> 2.1.2)
      erubis (~> 2.6.6)
      i18n (~> 0.5.0)
      rack (~> 1.2.5)
      rack-mount (~> 0.6.14)
      rack-test (~> 0.5.7)
      tzinfo (~> 0.3.23)
    activemodel (3.0.15)
      activesupport (= 3.0.15)
      builder (~> 2.1.2)
      i18n (~> 0.5.0)
    activerecord (3.0.15)
      activemodel (= 3.0.15)
      activesupport (= 3.0.15)
      arel (~> 2.0.10)
      tzinfo (~> 0.3.23)
    activeresource (3.0.15)
      activemodel (= 3.0.15)
      activesupport (= 3.0.15)
    activesupport (3.0.15)
    addressable (2.2.8)
    annotate (2.4.0)
    arel (2.0.10)
    awesome_print (1.0.2)
    babosa (0.3.7)
    bcrypt-ruby (3.0.1)
    builder (2.1.2)
    chronic (0.6.7)
    chunky_png (1.2.5)
    coderay (1.0.7)
    compass (0.11.7)
      chunky_png (~> 1.2)
      fssm (>= 0.2.7)
      sass (~> 3.1)
    compass-960-plugin (0.10.4)
      compass (>= 0.10.0)
    daemons (1.1.8)
    dalli (2.1.0)
    devise (1.5.3)
      bcrypt-ruby (~> 3.0)
      orm_adapter (~> 0.0.3)
      warden (~> 1.1)
    erubis (2.6.6)
      abstract (>= 1.0.0)
    eventmachine (0.12.10)
    excon (0.14.2)
    friendly_id (3.3.3.0)
      babosa (~> 0.3.0)
    fssm (0.2.9)
    haml (3.1.6)
    haml-rails (0.3.4)
      actionpack (~> 3.0)
      activesupport (~> 3.0)
      haml (~> 3.0)
      railties (~> 3.0)
    heroku (2.28.7)
      heroku-api (~> 0.2.6)
      launchy (>= 0.3.2)
      netrc (~> 0.7.5)
      rest-client (~> 1.6.1)
      rubyzip
    heroku-api (0.2.6)
      excon (~> 0.14.0)
    hirb (0.6.2)
    html5-boilerplate (1.0.0)
      compass (>= 0.11.1)
    i18n (0.5.0)
    json (1.7.3)
    launchy (2.1.0)
      addressable (~> 2.2.6)
    mail (2.2.19)
      activesupport (>= 2.3.6)
      i18n (>= 0.4.0)
      mime-types (~> 1.16)
      treetop (~> 1.4.8)
    method_source (0.7.1)
    mime-types (1.19)
    netrc (0.7.5)
    nifty-generators (0.4.6)
    orm_adapter (0.0.7)
    polyglot (0.3.3)
    pry (0.9.9.6)
      coderay (~> 1.0.5)
      method_source (~> 0.7.1)
      slop (>= 2.4.4, < 3)
    rack (1.2.5)
    rack-mount (0.6.14)
      rack (>= 1.0.0)
    rack-test (0.5.7)
      rack (>= 1.0)
    rails (3.0.15)
      actionmailer (= 3.0.15)
      actionpack (= 3.0.15)
      activerecord (= 3.0.15)
      activeresource (= 3.0.15)
      activesupport (= 3.0.15)
      bundler (~> 1.0)
      railties (= 3.0.15)
    railties (3.0.15)
      actionpack (= 3.0.15)
      activesupport (= 3.0.15)
      rake (>= 0.8.7)
      rdoc (~> 3.4)
      thor (~> 0.14.4)
    rake (0.9.2.2)
    rdoc (3.12)
      json (~> 1.4)
    rest-client (1.6.7)
      mime-types (>= 1.16)
    rubyzip (0.9.9)
    sass (3.1.20)
    sequel (3.20.0)
    sinatra (1.0)
      rack (>= 1.0)
    slop (2.4.4)
    sqlite3 (1.3.6)
    sqlite3-ruby (1.3.3)
      sqlite3 (>= 1.3.3)
    taps (0.3.24)
      rack (>= 1.0.1)
      rest-client (>= 1.4.0, < 1.7.0)
      sequel (~> 3.20.0)
      sinatra (~> 1.0.0)
    thin (1.4.1)
      daemons (>= 1.0.9)
      eventmachine (>= 0.12.6)
      rack (>= 1.0.0)
    thor (0.14.6)
    treetop (1.4.10)
      polyglot
      polyglot (>= 0.3.1)
    tzinfo (0.3.33)
    validates_existence (0.7.1)
    warden (1.2.1)
      rack (>= 1.0)
    will_paginate (3.0.3)

PLATFORMS
  ruby

DEPENDENCIES
  annotate (~> 2.4.0)
  awesome_print
  chronic (~> 0.6.1)
  compass (~> 0.11.5)
  compass-960-plugin (~> 0.10.4)
  dalli
  devise (~> 1.4)
  friendly_id (~> 3.3.0)
  haml (~> 3.0)
  haml-rails (~> 0.3.4)
  heroku
  hirb
  html5-boilerplate (~> 1.0.0)
  nifty-generators (~> 0.4.6)
  pry
  rails (~> 3.0.10)
  rake (~> 0.9.2)
  sqlite3-ruby (~> 1.3.3)
  taps (~> 0.3.23)
  thin
  validates_existence (~> 0.5)
  will_paginate (~> 3.0.0)
